GEM
  remote: https://rubygems.org/
  specs:

PLATFORMS
  ruby
  x86_64-darwin-24

DEPENDENCIES

BUNDLED WITH
   2.6.2
